GEM
  remote: https://rubygems.org/
  specs:
    coderay (1.1.3)
    connection_pool (2.2.3)
    method_source (1.0.0)
    pry (0.13.1)
      coderay (~> 1.1)
      method_source (~> 1.0)
    rack (2.2.3.1)
    redis (4.2.1)
    redis-objects (1.5.0)
      redis (~> 4.0)

PLATFORMS
  ruby

DEPENDENCIES
  connection_pool
  pry
  rack
  redis-objects

BUNDLED WITH
   2.1.4
