GEM
  remote: https://rubygems.org/
  specs:
    connection_pool (2.2.3)
    redis (4.2.1)
    redis-objects (1.5.0)
      redis (~> 4.0)

PLATFORMS
  ruby

DEPENDENCIES
  connection_pool
  redis-objects

BUNDLED WITH
   2.0.1
